GIT
  remote: https://github.com/tildeio/helix.git
  revision: dee30aa4fde64cba8e8e2cc7799e6f536578e38a
  specs:
    helix_runtime (0.7.5)
      rake (>= 10.0)
      thor (>= 0.19.4, < 2.0)
      tomlrb (~> 1.2.4)

PATH
  remote: .
  specs:
    rails_json_gem_encoder (0.0.1)
      activesupport

GEM
  remote: https://rubygems.org/
  specs:
    activesupport (6.0.0)
      concurrent-ruby (~> 1.0, >= 1.0.2)
      i18n (>= 0.7, < 2)
      minitest (~> 5.1)
      tzinfo (~> 1.1)
      zeitwerk (~> 2.1, >= 2.1.8)
    benchmark-ips (2.7.2)
    byebug (11.0.1)
    concurrent-ruby (1.1.5)
    i18n (1.7.0)
      concurrent-ruby (~> 1.0)
    minitest (5.12.2)
    rake (13.0.0)
    thor (0.20.3)
    thread_safe (0.3.6)
    tomlrb (1.2.8)
    tzinfo (1.2.5)
      thread_safe (~> 0.1)
    zeitwerk (2.2.0)

PLATFORMS
  ruby

DEPENDENCIES
  benchmark-ips
  bundler
  byebug
  helix_runtime!
  minitest
  rails_json_gem_encoder!
  rake

BUNDLED WITH
   2.1.0.pre.2
