GIT
  remote: https://github.com/tildeio/helix.git
  revision: dee30aa4fde64cba8e8e2cc7799e6f536578e38a
  specs:
    helix_runtime (0.7.5)
      rake (>= 10.0)
      thor (>= 0.19.4, < 2.0)
      tomlrb (~> 1.2.4)

PATH
  remote: .
  specs:
    rails_json_gem_encoder (0.0.1)

GEM
  remote: https://rubygems.org/
  specs:
    benchmark-ips (2.7.2)
    minitest (5.12.2)
    rake (13.0.0)
    thor (0.20.3)
    tomlrb (1.2.8)

PLATFORMS
  ruby

DEPENDENCIES
  benchmark-ips
  bundler
  helix_runtime!
  minitest
  rails_json_gem_encoder!
  rake

BUNDLED WITH
   2.1.0.pre.2
